PATH
  remote: .
  specs:
    active-fedora (2.3.3)
      activeresource
      equivalent-xml
      facets
      mediashelf-loggable
      mime-types (>= 1.16)
      multipart-post (= 1.1.2)
      nokogiri
      om (>= 1.0)
      rubydora
      solr-ruby (>= 0.0.6)
      solrizer (> 1.0.0)
      xml-simple (>= 1.0.12)

GEM
  remote: http://rubygems.org/
  specs:
    RedCloth (4.2.7)
    activeresource (2.3.14)
      activesupport (= 2.3.14)
    activesupport (2.3.14)
    builder (3.0.0)
    columnize (0.3.4)
    daemons (1.1.4)
    equivalent-xml (0.2.7)
      nokogiri (>= 1.4.3)
    facets (2.9.1)
    fastercsv (1.5.4)
    jettywrapper (0.0.10)
      logger
      mediashelf-loggable
    linecache (0.46)
      rbx-require-relative (> 0.0.4)
    logger (1.2.8)
    mediashelf-loggable (0.4.7)
    mime-types (1.16)
    mocha (0.9.12)
    multipart-post (1.1.2)
    nokogiri (1.5.0)
    om (1.3.0)
      nokogiri (>= 1.4.2)
    rake (0.9.2)
    rbx-require-relative (0.0.5)
    rcov (0.9.10)
    rest-client (1.6.6)
      mime-types (>= 1.16)
    rsolr (1.0.2)
      builder (>= 2.1.2)
    rspec (1.3.2)
    ruby-debug (0.10.4)
      columnize (>= 0.1)
      ruby-debug-base (~> 0.10.4.0)
    ruby-debug-base (0.10.4)
      linecache (>= 0.3)
    rubydora (0.0.6)
      fastercsv
      mime-types
      nokogiri
      rest-client
    solr-ruby (0.0.8)
    solrizer (1.1.0)
      daemons
      mediashelf-loggable
      nokogiri
      om (>= 1.0.0)
      stomp
      xml-simple
    solrizer-fedora (1.1.0)
      active-fedora (>= 2.3.0)
      fastercsv
      rsolr
      solr-ruby (>= 0.0.6)
      solrizer (>= 1.0.0)
    stomp (1.1.9)
    xml-simple (1.1.0)
    yard (0.7.2)

PLATFORMS
  ruby

DEPENDENCIES
  RedCloth
  active-fedora!
  jettywrapper
  mocha (>= 0.9.8)
  rake
  rcov
  rspec (< 2.0.0)
  ruby-debug
  solrizer-fedora
  yard
